PATH
  remote: .
  specs:
    docusigner (0.0.1)
      multipart-post
      reactive_resource (>= 0.7.3)

GEM
  remote: http://rubygems.org/
  specs:
    activemodel (3.2.12)
      activesupport (= 3.2.12)
      builder (~> 3.0.0)
    activeresource (3.2.12)
      activemodel (= 3.2.12)
      activesupport (= 3.2.12)
    activesupport (3.2.12)
      i18n (~> 0.6)
      multi_json (~> 1.0)
    addressable (2.3.2)
    builder (3.0.4)
    crack (0.3.2)
    i18n (0.6.4)
    multi_json (1.6.1)
    multipart-post (1.2.0)
    rake (10.0.3)
    reactive_resource (0.7.3)
      activeresource (>= 3.1)
      activesupport (>= 3.1)
    shoulda (2.11.3)
    webmock (1.9.0)
      addressable (>= 2.2.7)
      crack (>= 0.1.7)

PLATFORMS
  ruby

DEPENDENCIES
  docusigner!
  rake
  shoulda
  webmock
